GEM
  remote: http://rubygems.org/
  specs:
    diff-lcs (1.1.3)
    ffi (1.0.11)
    growl (1.0.3)
    guard (0.9.3)
      ffi (>= 0.5.0)
      thor (~> 0.14.6)
    guard-rspec (0.5.0)
      guard (>= 0.8.4)
    rb-fsevent (0.4.3.1)
    rspec (2.7.0)
      rspec-core (~> 2.7.0)
      rspec-expectations (~> 2.7.0)
      rspec-mocks (~> 2.7.0)
    rspec-core (2.7.1)
    rspec-expectations (2.7.0)
      diff-lcs (~> 1.1.2)
    rspec-mocks (2.7.0)
    ruby-odbc (0.99994)
    spork (0.9.0.rc9)
    thor (0.14.6)

PLATFORMS
  ruby

DEPENDENCIES
  growl (= 1.0.3)
  guard-rspec (= 0.5.0)
  rb-fsevent (~> 0.4.3.1)
  rspec
  ruby-odbc
  spork (= 0.9.0.rc9)
